GEM
  remote: http://rubygems.org/
  specs:
    addressable (2.4.0)
    array_include_methods (1.5.1)
    awesome_print (1.9.2)
    base64 (0.2.0)
    bigdecimal (3.1.8)
    builder (3.2.4)
    coveralls (0.8.23)
      json (>= 1.8, < 3)
      simplecov (~> 0.16.1)
      term-ansicolor (~> 1.3)
      thor (>= 0.19.4, < 2.0)
      tins (~> 1.6)
    css_parser (1.17.1)
      addressable
    descendants_tracker (0.0.4)
      thread_safe (~> 0.3, >= 0.3.1)
    diff-lcs (1.5.1)
    docile (1.4.0)
    facets (3.1.0)
    faraday (0.9.2)
      multipart-post (>= 1.2, < 3)
    git (1.11.0)
      rchardet (~> 1.8)
    github_api (0.16.0)
      addressable (~> 2.4.0)
      descendants_tracker (~> 0.0.4)
      faraday (~> 0.8, < 0.10)
      hashie (>= 3.4)
      mime-types (>= 1.16, < 3.0)
      oauth2 (~> 1.0)
    glimmer (2.7.7)
      array_include_methods (>= 1.4.0, < 1.6.0)
      facets (>= 3.1.0, < 4.0.0)
    hashie (5.0.0)
    highline (3.0.1)
    jeweler (2.3.9)
      builder
      bundler
      git (>= 1.2.5)
      github_api (~> 0.16.0)
      highline (>= 1.6.15)
      nokogiri (>= 1.5.10)
      psych
      rake
      rdoc
      semver2
    json (2.7.2)
    jwt (2.8.1)
      base64
    mime-types (2.99.3)
    multi_json (1.15.0)
    multi_xml (0.7.1)
      bigdecimal (~> 3.1)
    multipart-post (2.4.1)
    nokogiri (1.16.5-arm64-darwin)
      racc (~> 1.4)
    nokogiri (1.16.5-x86_64-darwin)
      racc (~> 1.4)
    oauth2 (1.4.8)
      faraday (>= 0.8, < 3.0)
      jwt (>= 1.0, < 3.0)
      multi_json (~> 1.3)
      multi_xml (~> 0.5)
      rack (>= 1.2, < 3)
    pastel (0.8.0)
      tty-color (~> 0.5)
    psych (5.1.2)
      stringio
    puts_debuggerer (0.13.5)
      awesome_print (~> 1.9.2)
    racc (1.7.3)
    rack (2.2.9)
    rake (13.2.1)
    rake-tui (0.2.3)
      tty-prompt
    rchardet (1.8.0)
    rdoc (6.6.3.1)
      psych (>= 4.0.0)
    rspec (3.13.0)
      rspec-core (~> 3.13.0)
      rspec-expectations (~> 3.13.0)
      rspec-mocks (~> 3.13.0)
    rspec-core (3.13.0)
      rspec-support (~> 3.13.0)
    rspec-expectations (3.13.0)
      diff-lcs (>= 1.2.0, < 2.0)
      rspec-support (~> 3.13.0)
    rspec-mocks (3.13.1)
      diff-lcs (>= 1.2.0, < 2.0)
      rspec-support (~> 3.13.0)
    rspec-support (3.13.1)
    semver2 (3.4.2)
    simplecov (0.16.1)
      docile (~> 1.1)
      json (>= 1.8, < 3)
      simplecov-html (~> 0.10.0)
    simplecov-html (0.10.2)
    simplecov-lcov (0.7.0)
    stringio (3.1.0)
    sync (0.5.0)
    term-ansicolor (1.8.0)
      tins (~> 1.0)
    thor (1.3.1)
    thread_safe (0.3.6)
    tins (1.33.0)
      bigdecimal
      sync
    tty-color (0.6.0)
    tty-cursor (0.7.1)
    tty-prompt (0.23.1)
      pastel (~> 0.8)
      tty-reader (~> 0.8)
    tty-reader (0.9.0)
      tty-cursor (~> 0.7)
      tty-screen (~> 0.8)
      wisper (~> 2.0)
    tty-screen (0.8.2)
    wisper (2.0.1)

PLATFORMS
  arm64-darwin-22
  arm64-darwin-23
  x86_64-darwin-19

DEPENDENCIES
  coveralls (= 0.8.23)
  css_parser (>= 1.0.0, < 2.0.0)
  glimmer (>= 2.0.0, < 3.0.0)
  jeweler (>= 2.3.9, < 3.0.0)
  puts_debuggerer
  rake (>= 10.1.0, < 14.0.0)
  rake-tui
  rdoc (>= 6.2.1, < 7.0.0)
  rspec (~> 3.0)
  rspec-mocks (~> 3.0)
  simplecov (~> 0.16.1)
  simplecov-lcov (~> 0.7.0)

BUNDLED WITH
   2.5.10
